PATH
  remote: .
  specs:
    arrangement (0.0.1)

GEM
  remote: https://rubygems.org/
  specs:
    minitest (5.14.2)
    rake (12.3.3)

PLATFORMS
  ruby

DEPENDENCIES
  arrangement!
  minitest (~> 5.0)
  rake (~> 12.0)

BUNDLED WITH
   2.1.4
